GEM
  remote: https://rubygems.org/
  specs:
    graphql (0.19.4)
    graphql-batch (0.2.4)
      graphql (~> 0.8)
      promise.rb (~> 0.7.0.rc2)
    promise.rb (0.7.1)
    sequel (4.40.0)
    sqlite3 (1.3.12)

PLATFORMS
  ruby

DEPENDENCIES
  graphql
  graphql-batch
  sequel
  sqlite3

BUNDLED WITH
   1.13.6
